GEM
  remote: https://rubygems.org/
  specs:
    date (3.3.4)
    ffi (1.16.3)
    listen (3.9.0)
      rb-fsevent (~> 0.10, >= 0.10.3)
      rb-inotify (~> 0.9, >= 0.9.10)
    open-uri (0.4.1)
      stringio
      time
      uri
    plist (3.7.1)
    rb-fsevent (0.11.2)
    rb-inotify (0.10.1)
      ffi (~> 1.0)
    stringio (3.1.0)
    time (0.3.0)
      date
    uri (0.13.0)

PLATFORMS
  arm64-darwin-23
  ruby

DEPENDENCIES
  listen (~> 3.9)
  open-uri (~> 0.4.1)
  plist (~> 3.7)

BUNDLED WITH
   2.5.7
